PATH
  remote: .
  specs:
    rack-rewrite (1.2.1)

GEM
  remote: http://rubygems.org/
  specs:
    minitest (2.7.0)
    mocha (0.9.12)
    rack (1.2.1)
    shoulda (2.10.3)

PLATFORMS
  ruby

DEPENDENCIES
  bundler (~> 1.0.10)
  minitest
  mocha (~> 0.9.7)
  rack
  rack-rewrite!
  shoulda (~> 2.10.2)
